GEM
  remote: https://rubygems.org/
  specs:
    coderay (1.1.3)
    method_source (1.0.0)
    pastel (0.8.0)
      tty-color (~> 0.5)
    pry (0.14.1)
      coderay (~> 1.1)
      method_source (~> 1.0)
    require_all (1.5.0)
    tty-color (0.6.0)
    tty-font (0.5.0)

PLATFORMS
  ruby

DEPENDENCIES
  pastel
  pry
  require_all (~> 1.0)
  tty-font

BUNDLED WITH
   2.0.1
